GEM
  remote: https://rubygems.org/
  specs:
    coderay (1.0.9)
    lolcat (42.0.99)
      paint (~> 0.8.3)
      trollop (~> 1.16.2)
    method_source (0.8.1)
    paint (0.8.6)
    pry (0.9.12.2)
      coderay (~> 1.0.5)
      method_source (~> 0.8)
      slop (~> 3.4)
    slop (3.4.5)
    trollop (1.16.2)

PLATFORMS
  ruby

DEPENDENCIES
  lolcat
  pry
